GEM
  remote: https://rubygems.org/
  specs:
    dotenv (2.7.6)

PLATFORMS
  x86_64-linux

DEPENDENCIES
  dotenv

BUNDLED WITH
   2.3.17
